GIT
  remote: git://github.com/rails/activerecord-session_store.git
  revision: d7a918cc2b24b4261fead06538d7d8f8d8b2a1d1
  specs:
    activerecord-session_store (1.1.2)
      actionpack (>= 4.0)
      activerecord (>= 4.0)
      multi_json (~> 1.11, >= 1.11.2)
      rack (>= 1.5.2, < 3)
      railties (>= 4.0)

GEM
  remote: https://rubygems.org/
  specs:
    actioncable (5.2.2.1)
      actionpack (= 5.2.2.1)
      nio4r (~> 2.0)
      websocket-driver (>= 0.6.1)
    actionmailer (5.2.2.1)
      actionpack (= 5.2.2.1)
      actionview (= 5.2.2.1)
      activejob (= 5.2.2.1)
      mail (~> 2.5, >= 2.5.4)
      rails-dom-testing (~> 2.0)
    actionpack (5.2.2.1)
      actionview (= 5.2.2.1)
      activesupport (= 5.2.2.1)
      rack (~> 2.0)
      rack-test (>= 0.6.3)
      rails-dom-testing (~> 2.0)
      rails-html-sanitizer (~> 1.0, >= 1.0.2)
    actionview (5.2.2.1)
      activesupport (= 5.2.2.1)
      builder (~> 3.1)
      erubi (~> 1.4)
      rails-dom-testing (~> 2.0)
      rails-html-sanitizer (~> 1.0, >= 1.0.3)
    activejob (5.2.2.1)
      activesupport (= 5.2.2.1)
      globalid (>= 0.3.6)
    activemodel (5.2.2.1)
      activesupport (= 5.2.2.1)
    activerecord (5.2.2.1)
      activemodel (= 5.2.2.1)
      activesupport (= 5.2.2.1)
      arel (>= 9.0)
    activestorage (5.2.2.1)
      actionpack (= 5.2.2.1)
      activerecord (= 5.2.2.1)
      marcel (~> 0.3.1)
    activesupport (5.2.2.1)
      concurrent-ruby (~> 1.0, >= 1.0.2)
      i18n (>= 0.7, < 2)
      minitest (~> 5.1)
      tzinfo (~> 1.1)
    arel (9.0.0)
    aws-eventstream (1.0.2)
    aws-partitions (1.144.0)
    aws-sdk (3.0.1)
      aws-sdk-resources (~> 3)
    aws-sdk-acm (1.16.0)
      aws-sdk-core (~> 3, >= 3.48.0)
      aws-sigv4 (~> 1.1)
    aws-sdk-acmpca (1.11.0)
      aws-sdk-core (~> 3, >= 3.48.0)
      aws-sigv4 (~> 1.1)
    aws-sdk-alexaforbusiness (1.18.0)
      aws-sdk-core (~> 3, >= 3.48.0)
      aws-sigv4 (~> 1.1)
    aws-sdk-amplify (1.2.0)
      aws-sdk-core (~> 3, >= 3.48.0)
      aws-sigv4 (~> 1.1)
    aws-sdk-apigateway (1.25.0)
      aws-sdk-core (~> 3, >= 3.48.0)
      aws-sigv4 (~> 1.1)
    aws-sdk-apigatewaymanagementapi (1.2.0)
      aws-sdk-core (~> 3, >= 3.48.0)
      aws-sigv4 (~> 1.1)
    aws-sdk-apigatewayv2 (1.3.0)
      aws-sdk-core (~> 3, >= 3.48.0)
      aws-sigv4 (~> 1.1)
    aws-sdk-applicationautoscaling (1.21.0)
      aws-sdk-core (~> 3, >= 3.48.0)
      aws-sigv4 (~> 1.1)
    aws-sdk-applicationdiscoveryservice (1.13.0)
      aws-sdk-core (~> 3, >= 3.48.0)
      aws-sigv4 (~> 1.1)
    aws-sdk-appmesh (1.4.0)
      aws-sdk-core (~> 3, >= 3.48.0)
      aws-sigv4 (~> 1.1)
    aws-sdk-appstream (1.23.0)
      aws-sdk-core (~> 3, >= 3.48.0)
      aws-sigv4 (~> 1.1)
    aws-sdk-appsync (1.11.0)
      aws-sdk-core (~> 3, >= 3.48.0)
      aws-sigv4 (~> 1.1)
    aws-sdk-athena (1.11.0)
      aws-sdk-core (~> 3, >= 3.48.0)
      aws-sigv4 (~> 1.1)
    aws-sdk-autoscaling (1.17.0)
      aws-sdk-core (~> 3, >= 3.48.0)
      aws-sigv4 (~> 1.1)
    aws-sdk-autoscalingplans (1.11.0)
      aws-sdk-core (~> 3, >= 3.48.0)
      aws-sigv4 (~> 1.1)
    aws-sdk-backup (1.2.0)
      aws-sdk-core (~> 3, >= 3.48.0)
      aws-sigv4 (~> 1.1)
    aws-sdk-batch (1.14.0)
      aws-sdk-core (~> 3, >= 3.48.0)
      aws-sigv4 (~> 1.1)
    aws-sdk-budgets (1.17.0)
      aws-sdk-core (~> 3, >= 3.48.0)
      aws-sigv4 (~> 1.1)
    aws-sdk-chime (1.5.0)
      aws-sdk-core (~> 3, >= 3.48.0)
      aws-sigv4 (~> 1.1)
    aws-sdk-cloud9 (1.10.0)
      aws-sdk-core (~> 3, >= 3.48.0)
      aws-sigv4 (~> 1.1)
    aws-sdk-clouddirectory (1.13.0)
      aws-sdk-core (~> 3, >= 3.48.0)
      aws-sigv4 (~> 1.1)
    aws-sdk-cloudformation (1.16.0)
      aws-sdk-core (~> 3, >= 3.48.0)
      aws-sigv4 (~> 1.1)
    aws-sdk-cloudfront (1.13.0)
      aws-sdk-core (~> 3, >= 3.48.0)
      aws-sigv4 (~> 1.1)
    aws-sdk-cloudhsm (1.11.0)
      aws-sdk-core (~> 3, >= 3.48.0)
      aws-sigv4 (~> 1.1)
    aws-sdk-cloudhsmv2 (1.11.0)
      aws-sdk-core (~> 3, >= 3.48.0)
      aws-sigv4 (~> 1.1)
    aws-sdk-cloudsearch (1.8.0)
      aws-sdk-core (~> 3, >= 3.48.0)
      aws-sigv4 (~> 1.1)
    aws-sdk-cloudsearchdomain (1.8.0)
      aws-sdk-core (~> 3, >= 3.48.0)
      aws-sigv4 (~> 1.1)
    aws-sdk-cloudtrail (1.10.0)
      aws-sdk-core (~> 3, >= 3.48.0)
      aws-sigv4 (~> 1.1)
    aws-sdk-cloudwatch (1.16.0)
      aws-sdk-core (~> 3, >= 3.48.0)
      aws-sigv4 (~> 1.1)
    aws-sdk-cloudwatchevents (1.15.0)
      aws-sdk-core (~> 3, >= 3.48.0)
      aws-sigv4 (~> 1.1)
    aws-sdk-cloudwatchlogs (1.16.0)
      aws-sdk-core (~> 3, >= 3.48.0)
      aws-sigv4 (~> 1.1)
    aws-sdk-codebuild (1.31.0)
      aws-sdk-core (~> 3, >= 3.48.0)
      aws-sigv4 (~> 1.1)
    aws-sdk-codecommit (1.16.0)
      aws-sdk-core (~> 3, >= 3.48.0)
      aws-sigv4 (~> 1.1)
    aws-sdk-codedeploy (1.16.0)
      aws-sdk-core (~> 3, >= 3.48.0)
      aws-sigv4 (~> 1.1)
    aws-sdk-codepipeline (1.13.0)
      aws-sdk-core (~> 3, >= 3.48.0)
      aws-sigv4 (~> 1.1)
    aws-sdk-codestar (1.10.0)
      aws-sdk-core (~> 3, >= 3.48.0)
      aws-sigv4 (~> 1.1)
    aws-sdk-cognitoidentity (1.8.0)
      aws-sdk-core (~> 3, >= 3.48.0)
      aws-sigv4 (~> 1.1)
    aws-sdk-cognitoidentityprovider (1.14.0)
      aws-sdk-core (~> 3, >= 3.48.0)
      aws-sigv4 (~> 1.1)
    aws-sdk-cognitosync (1.8.0)
      aws-sdk-core (~> 3, >= 3.48.0)
      aws-sigv4 (~> 1.1)
    aws-sdk-comprehend (1.14.0)
      aws-sdk-core (~> 3, >= 3.48.0)
      aws-sigv4 (~> 1.1)
    aws-sdk-comprehendmedical (1.2.0)
      aws-sdk-core (~> 3, >= 3.48.0)
      aws-sigv4 (~> 1.1)
    aws-sdk-configservice (1.25.0)
      aws-sdk-core (~> 3, >= 3.48.0)
      aws-sigv4 (~> 1.1)
    aws-sdk-connect (1.12.0)
      aws-sdk-core (~> 3, >= 3.48.0)
      aws-sigv4 (~> 1.1)
    aws-sdk-core (3.48.1)
      aws-eventstream (~> 1.0, >= 1.0.2)
      aws-partitions (~> 1.0)
      aws-sigv4 (~> 1.1)
      jmespath (~> 1.0)
    aws-sdk-costandusagereportservice (1.9.0)
      aws-sdk-core (~> 3, >= 3.48.0)
      aws-sigv4 (~> 1.1)
    aws-sdk-costexplorer (1.20.0)
      aws-sdk-core (~> 3, >= 3.48.0)
      aws-sigv4 (~> 1.1)
    aws-sdk-databasemigrationservice (1.18.0)
      aws-sdk-core (~> 3, >= 3.48.0)
      aws-sigv4 (~> 1.1)
    aws-sdk-datapipeline (1.8.0)
      aws-sdk-core (~> 3, >= 3.48.0)
      aws-sigv4 (~> 1.1)
    aws-sdk-datasync (1.2.0)
      aws-sdk-core (~> 3, >= 3.48.0)
      aws-sigv4 (~> 1.1)
    aws-sdk-dax (1.10.0)
      aws-sdk-core (~> 3, >= 3.48.0)
      aws-sigv4 (~> 1.1)
    aws-sdk-devicefarm (1.18.0)
      aws-sdk-core (~> 3, >= 3.48.0)
      aws-sigv4 (~> 1.1)
    aws-sdk-directconnect (1.14.0)
      aws-sdk-core (~> 3, >= 3.48.0)
      aws-sigv4 (~> 1.1)
    aws-sdk-directoryservice (1.14.0)
      aws-sdk-core (~> 3, >= 3.48.0)
      aws-sigv4 (~> 1.1)
    aws-sdk-dlm (1.10.0)
      aws-sdk-core (~> 3, >= 3.48.0)
      aws-sigv4 (~> 1.1)
    aws-sdk-docdb (1.2.0)
      aws-sdk-core (~> 3, >= 3.48.0)
      aws-sigv4 (~> 1.1)
    aws-sdk-dynamodb (1.23.0)
      aws-sdk-core (~> 3, >= 3.48.0)
      aws-sigv4 (~> 1.1)
    aws-sdk-dynamodbstreams (1.8.0)
      aws-sdk-core (~> 3, >= 3.48.0)
      aws-sigv4 (~> 1.1)
    aws-sdk-ec2 (1.74.0)
      aws-sdk-core (~> 3, >= 3.48.0)
      aws-sigv4 (~> 1.1)
    aws-sdk-ecr (1.13.0)
      aws-sdk-core (~> 3, >= 3.48.0)
      aws-sigv4 (~> 1.1)
    aws-sdk-ecs (1.33.0)
      aws-sdk-core (~> 3, >= 3.48.0)
      aws-sigv4 (~> 1.1)
    aws-sdk-efs (1.12.0)
      aws-sdk-core (~> 3, >= 3.48.0)
      aws-sigv4 (~> 1.1)
    aws-sdk-eks (1.12.0)
      aws-sdk-core (~> 3, >= 3.48.0)
      aws-sigv4 (~> 1.1)
    aws-sdk-elasticache (1.12.0)
      aws-sdk-core (~> 3, >= 3.48.0)
      aws-sigv4 (~> 1.1)
    aws-sdk-elasticbeanstalk (1.18.0)
      aws-sdk-core (~> 3, >= 3.48.0)
      aws-sigv4 (~> 1.1)
    aws-sdk-elasticloadbalancing (1.10.0)
      aws-sdk-core (~> 3, >= 3.48.0)
      aws-sigv4 (~> 1.1)
    aws-sdk-elasticloadbalancingv2 (1.23.0)
      aws-sdk-core (~> 3, >= 3.48.0)
      aws-sigv4 (~> 1.1)
    aws-sdk-elasticsearchservice (1.18.0)
      aws-sdk-core (~> 3, >= 3.48.0)
      aws-sigv4 (~> 1.1)
    aws-sdk-elastictranscoder (1.9.0)
      aws-sdk-core (~> 3, >= 3.48.0)
      aws-sigv4 (~> 1.1)
    aws-sdk-emr (1.11.0)
      aws-sdk-core (~> 3, >= 3.48.0)
      aws-sigv4 (~> 1.1)
    aws-sdk-firehose (1.13.0)
      aws-sdk-core (~> 3, >= 3.48.0)
      aws-sigv4 (~> 1.1)
    aws-sdk-fms (1.10.0)
      aws-sdk-core (~> 3, >= 3.48.0)
      aws-sigv4 (~> 1.1)
    aws-sdk-fsx (1.3.0)
      aws-sdk-core (~> 3, >= 3.48.0)
      aws-sigv4 (~> 1.1)
    aws-sdk-gamelift (1.14.0)
      aws-sdk-core (~> 3, >= 3.48.0)
      aws-sigv4 (~> 1.1)
    aws-sdk-glacier (1.16.0)
      aws-sdk-core (~> 3, >= 3.48.0)
      aws-sigv4 (~> 1.1)
    aws-sdk-globalaccelerator (1.3.0)
      aws-sdk-core (~> 3, >= 3.48.0)
      aws-sigv4 (~> 1.1)
    aws-sdk-glue (1.27.0)
      aws-sdk-core (~> 3, >= 3.48.0)
      aws-sigv4 (~> 1.1)
    aws-sdk-greengrass (1.15.0)
      aws-sdk-core (~> 3, >= 3.48.0)
      aws-sigv4 (~> 1.1)
    aws-sdk-guardduty (1.13.0)
      aws-sdk-core (~> 3, >= 3.48.0)
      aws-sigv4 (~> 1.1)
    aws-sdk-health (1.11.0)
      aws-sdk-core (~> 3, >= 3.48.0)
      aws-sigv4 (~> 1.1)
    aws-sdk-iam (1.15.0)
      aws-sdk-core (~> 3, >= 3.48.0)
      aws-sigv4 (~> 1.1)
    aws-sdk-importexport (1.8.0)
      aws-sdk-core (~> 3, >= 3.48.0)
      aws-sigv2 (~> 1.0)
    aws-sdk-inspector (1.14.0)
      aws-sdk-core (~> 3, >= 3.48.0)
      aws-sigv4 (~> 1.1)
    aws-sdk-iot (1.27.0)
      aws-sdk-core (~> 3, >= 3.48.0)
      aws-sigv4 (~> 1.1)
    aws-sdk-iot1clickdevicesservice (1.8.0)
      aws-sdk-core (~> 3, >= 3.48.0)
      aws-sigv4 (~> 1.1)
    aws-sdk-iot1clickprojects (1.8.0)
      aws-sdk-core (~> 3, >= 3.48.0)
      aws-sigv4 (~> 1.1)
    aws-sdk-iotanalytics (1.14.0)
      aws-sdk-core (~> 3, >= 3.48.0)
      aws-sigv4 (~> 1.1)
    aws-sdk-iotdataplane (1.8.0)
      aws-sdk-core (~> 3, >= 3.48.0)
      aws-sigv4 (~> 1.1)
    aws-sdk-iotjobsdataplane (1.9.0)
      aws-sdk-core (~> 3, >= 3.48.0)
      aws-sigv4 (~> 1.1)
    aws-sdk-kafka (1.2.0)
      aws-sdk-core (~> 3, >= 3.48.0)
      aws-sigv4 (~> 1.1)
    aws-sdk-kinesis (1.11.0)
      aws-sdk-core (~> 3, >= 3.48.0)
      aws-sigv4 (~> 1.1)
    aws-sdk-kinesisanalytics (1.11.0)
      aws-sdk-core (~> 3, >= 3.48.0)
      aws-sigv4 (~> 1.1)
    aws-sdk-kinesisanalyticsv2 (1.2.0)
      aws-sdk-core (~> 3, >= 3.48.0)
      aws-sigv4 (~> 1.1)
    aws-sdk-kinesisvideo (1.11.0)
      aws-sdk-core (~> 3, >= 3.48.0)
      aws-sigv4 (~> 1.1)
    aws-sdk-kinesisvideoarchivedmedia (1.10.0)
      aws-sdk-core (~> 3, >= 3.48.0)
      aws-sigv4 (~> 1.1)
    aws-sdk-kinesisvideomedia (1.9.0)
      aws-sdk-core (~> 3, >= 3.48.0)
      aws-sigv4 (~> 1.1)
    aws-sdk-kms (1.15.0)
      aws-sdk-core (~> 3, >= 3.48.0)
      aws-sigv4 (~> 1.1)
    aws-sdk-lambda (1.20.0)
      aws-sdk-core (~> 3, >= 3.48.0)
      aws-sigv4 (~> 1.1)
    aws-sdk-lambdapreview (1.8.0)
      aws-sdk-core (~> 3, >= 3.48.0)
      aws-sigv4 (~> 1.1)
    aws-sdk-lex (1.11.0)
      aws-sdk-core (~> 3, >= 3.48.0)
      aws-sigv4 (~> 1.1)
    aws-sdk-lexmodelbuildingservice (1.14.0)
      aws-sdk-core (~> 3, >= 3.48.0)
      aws-sigv4 (~> 1.1)
    aws-sdk-licensemanager (1.2.0)
      aws-sdk-core (~> 3, >= 3.48.0)
      aws-sigv4 (~> 1.1)
    aws-sdk-lightsail (1.16.0)
      aws-sdk-core (~> 3, >= 3.48.0)
      aws-sigv4 (~> 1.1)
    aws-sdk-machinelearning (1.8.0)
      aws-sdk-core (~> 3, >= 3.48.0)
      aws-sigv4 (~> 1.1)
    aws-sdk-macie (1.8.0)
      aws-sdk-core (~> 3, >= 3.48.0)
      aws-sigv4 (~> 1.1)
    aws-sdk-marketplacecommerceanalytics (1.8.0)
      aws-sdk-core (~> 3, >= 3.48.0)
      aws-sigv4 (~> 1.1)
    aws-sdk-marketplaceentitlementservice (1.8.0)
      aws-sdk-core (~> 3, >= 3.48.0)
      aws-sigv4 (~> 1.1)
    aws-sdk-marketplacemetering (1.9.0)
      aws-sdk-core (~> 3, >= 3.48.0)
      aws-sigv4 (~> 1.1)
    aws-sdk-mediaconnect (1.3.0)
      aws-sdk-core (~> 3, >= 3.48.0)
      aws-sigv4 (~> 1.1)
    aws-sdk-mediaconvert (1.22.0)
      aws-sdk-core (~> 3, >= 3.48.0)
      aws-sigv4 (~> 1.1)
    aws-sdk-medialive (1.25.0)
      aws-sdk-core (~> 3, >= 3.48.0)
      aws-sigv4 (~> 1.1)
    aws-sdk-mediapackage (1.14.0)
      aws-sdk-core (~> 3, >= 3.48.0)
      aws-sigv4 (~> 1.1)
    aws-sdk-mediastore (1.11.0)
      aws-sdk-core (~> 3, >= 3.48.0)
      aws-sigv4 (~> 1.1)
    aws-sdk-mediastoredata (1.10.0)
      aws-sdk-core (~> 3, >= 3.48.0)
      aws-sigv4 (~> 1.1)
    aws-sdk-mediatailor (1.12.0)
      aws-sdk-core (~> 3, >= 3.48.0)
      aws-sigv4 (~> 1.1)
    aws-sdk-migrationhub (1.10.0)
      aws-sdk-core (~> 3, >= 3.48.0)
      aws-sigv4 (~> 1.1)
    aws-sdk-mobile (1.8.0)
      aws-sdk-core (~> 3, >= 3.48.0)
      aws-sigv4 (~> 1.1)
    aws-sdk-mq (1.11.0)
      aws-sdk-core (~> 3, >= 3.48.0)
      aws-sigv4 (~> 1.1)
    aws-sdk-mturk (1.11.0)
      aws-sdk-core (~> 3, >= 3.48.0)
      aws-sigv4 (~> 1.1)
    aws-sdk-neptune (1.9.0)
      aws-sdk-core (~> 3, >= 3.48.0)
      aws-sigv4 (~> 1.1)
    aws-sdk-opsworks (1.11.0)
      aws-sdk-core (~> 3, >= 3.48.0)
      aws-sigv4 (~> 1.1)
    aws-sdk-opsworkscm (1.14.0)
      aws-sdk-core (~> 3, >= 3.48.0)
      aws-sigv4 (~> 1.1)
    aws-sdk-organizations (1.21.0)
      aws-sdk-core (~> 3, >= 3.48.0)
      aws-sigv4 (~> 1.1)
    aws-sdk-pi (1.8.0)
      aws-sdk-core (~> 3, >= 3.48.0)
      aws-sigv4 (~> 1.1)
    aws-sdk-pinpoint (1.18.0)
      aws-sdk-core (~> 3, >= 3.48.0)
      aws-sigv4 (~> 1.1)
    aws-sdk-pinpointemail (1.4.0)
      aws-sdk-core (~> 3, >= 3.48.0)
      aws-sigv4 (~> 1.1)
    aws-sdk-pinpointsmsvoice (1.5.0)
      aws-sdk-core (~> 3, >= 3.48.0)
      aws-sigv4 (~> 1.1)
    aws-sdk-polly (1.17.0)
      aws-sdk-core (~> 3, >= 3.48.0)
      aws-sigv4 (~> 1.1)
    aws-sdk-pricing (1.8.0)
      aws-sdk-core (~> 3, >= 3.48.0)
      aws-sigv4 (~> 1.1)
    aws-sdk-quicksight (1.4.0)
      aws-sdk-core (~> 3, >= 3.48.0)
      aws-sigv4 (~> 1.1)
    aws-sdk-ram (1.3.0)
      aws-sdk-core (~> 3, >= 3.48.0)
      aws-sigv4 (~> 1.1)
    aws-sdk-rds (1.46.0)
      aws-sdk-core (~> 3, >= 3.48.0)
      aws-sigv4 (~> 1.1)
    aws-sdk-rdsdataservice (1.3.0)
      aws-sdk-core (~> 3, >= 3.48.0)
      aws-sigv4 (~> 1.1)
    aws-sdk-redshift (1.20.0)
      aws-sdk-core (~> 3, >= 3.48.0)
      aws-sigv4 (~> 1.1)
    aws-sdk-rekognition (1.21.0)
      aws-sdk-core (~> 3, >= 3.48.0)
      aws-sigv4 (~> 1.1)
    aws-sdk-resourcegroups (1.12.0)
      aws-sdk-core (~> 3, >= 3.48.0)
      aws-sigv4 (~> 1.1)
    aws-sdk-resourcegroupstaggingapi (1.8.0)
      aws-sdk-core (~> 3, >= 3.48.0)
      aws-sigv4 (~> 1.1)
    aws-sdk-resources (3.40.0)
      aws-sdk-acm (~> 1)
      aws-sdk-acmpca (~> 1)
      aws-sdk-alexaforbusiness (~> 1)
      aws-sdk-amplify (~> 1)
      aws-sdk-apigateway (~> 1)
      aws-sdk-apigatewaymanagementapi (~> 1)
      aws-sdk-apigatewayv2 (~> 1)
      aws-sdk-applicationautoscaling (~> 1)
      aws-sdk-applicationdiscoveryservice (~> 1)
      aws-sdk-appmesh (~> 1)
      aws-sdk-appstream (~> 1)
      aws-sdk-appsync (~> 1)
      aws-sdk-athena (~> 1)
      aws-sdk-autoscaling (~> 1)
      aws-sdk-autoscalingplans (~> 1)
      aws-sdk-backup (~> 1)
      aws-sdk-batch (~> 1)
      aws-sdk-budgets (~> 1)
      aws-sdk-chime (~> 1)
      aws-sdk-cloud9 (~> 1)
      aws-sdk-clouddirectory (~> 1)
      aws-sdk-cloudformation (~> 1)
      aws-sdk-cloudfront (~> 1)
      aws-sdk-cloudhsm (~> 1)
      aws-sdk-cloudhsmv2 (~> 1)
      aws-sdk-cloudsearch (~> 1)
      aws-sdk-cloudsearchdomain (~> 1)
      aws-sdk-cloudtrail (~> 1)
      aws-sdk-cloudwatch (~> 1)
      aws-sdk-cloudwatchevents (~> 1)
      aws-sdk-cloudwatchlogs (~> 1)
      aws-sdk-codebuild (~> 1)
      aws-sdk-codecommit (~> 1)
      aws-sdk-codedeploy (~> 1)
      aws-sdk-codepipeline (~> 1)
      aws-sdk-codestar (~> 1)
      aws-sdk-cognitoidentity (~> 1)
      aws-sdk-cognitoidentityprovider (~> 1)
      aws-sdk-cognitosync (~> 1)
      aws-sdk-comprehend (~> 1)
      aws-sdk-comprehendmedical (~> 1)
      aws-sdk-configservice (~> 1)
      aws-sdk-connect (~> 1)
      aws-sdk-costandusagereportservice (~> 1)
      aws-sdk-costexplorer (~> 1)
      aws-sdk-databasemigrationservice (~> 1)
      aws-sdk-datapipeline (~> 1)
      aws-sdk-datasync (~> 1)
      aws-sdk-dax (~> 1)
      aws-sdk-devicefarm (~> 1)
      aws-sdk-directconnect (~> 1)
      aws-sdk-directoryservice (~> 1)
      aws-sdk-dlm (~> 1)
      aws-sdk-docdb (~> 1)
      aws-sdk-dynamodb (~> 1)
      aws-sdk-dynamodbstreams (~> 1)
      aws-sdk-ec2 (~> 1)
      aws-sdk-ecr (~> 1)
      aws-sdk-ecs (~> 1)
      aws-sdk-efs (~> 1)
      aws-sdk-eks (~> 1)
      aws-sdk-elasticache (~> 1)
      aws-sdk-elasticbeanstalk (~> 1)
      aws-sdk-elasticloadbalancing (~> 1)
      aws-sdk-elasticloadbalancingv2 (~> 1)
      aws-sdk-elasticsearchservice (~> 1)
      aws-sdk-elastictranscoder (~> 1)
      aws-sdk-emr (~> 1)
      aws-sdk-firehose (~> 1)
      aws-sdk-fms (~> 1)
      aws-sdk-fsx (~> 1)
      aws-sdk-gamelift (~> 1)
      aws-sdk-glacier (~> 1)
      aws-sdk-globalaccelerator (~> 1)
      aws-sdk-glue (~> 1)
      aws-sdk-greengrass (~> 1)
      aws-sdk-guardduty (~> 1)
      aws-sdk-health (~> 1)
      aws-sdk-iam (~> 1)
      aws-sdk-importexport (~> 1)
      aws-sdk-inspector (~> 1)
      aws-sdk-iot (~> 1)
      aws-sdk-iot1clickdevicesservice (~> 1)
      aws-sdk-iot1clickprojects (~> 1)
      aws-sdk-iotanalytics (~> 1)
      aws-sdk-iotdataplane (~> 1)
      aws-sdk-iotjobsdataplane (~> 1)
      aws-sdk-kafka (~> 1)
      aws-sdk-kinesis (~> 1)
      aws-sdk-kinesisanalytics (~> 1)
      aws-sdk-kinesisanalyticsv2 (~> 1)
      aws-sdk-kinesisvideo (~> 1)
      aws-sdk-kinesisvideoarchivedmedia (~> 1)
      aws-sdk-kinesisvideomedia (~> 1)
      aws-sdk-kms (~> 1)
      aws-sdk-lambda (~> 1)
      aws-sdk-lambdapreview (~> 1)
      aws-sdk-lex (~> 1)
      aws-sdk-lexmodelbuildingservice (~> 1)
      aws-sdk-licensemanager (~> 1)
      aws-sdk-lightsail (~> 1)
      aws-sdk-machinelearning (~> 1)
      aws-sdk-macie (~> 1)
      aws-sdk-marketplacecommerceanalytics (~> 1)
      aws-sdk-marketplaceentitlementservice (~> 1)
      aws-sdk-marketplacemetering (~> 1)
      aws-sdk-mediaconnect (~> 1)
      aws-sdk-mediaconvert (~> 1)
      aws-sdk-medialive (~> 1)
      aws-sdk-mediapackage (~> 1)
      aws-sdk-mediastore (~> 1)
      aws-sdk-mediastoredata (~> 1)
      aws-sdk-mediatailor (~> 1)
      aws-sdk-migrationhub (~> 1)
      aws-sdk-mobile (~> 1)
      aws-sdk-mq (~> 1)
      aws-sdk-mturk (~> 1)
      aws-sdk-neptune (~> 1)
      aws-sdk-opsworks (~> 1)
      aws-sdk-opsworkscm (~> 1)
      aws-sdk-organizations (~> 1)
      aws-sdk-pi (~> 1)
      aws-sdk-pinpoint (~> 1)
      aws-sdk-pinpointemail (~> 1)
      aws-sdk-pinpointsmsvoice (~> 1)
      aws-sdk-polly (~> 1)
      aws-sdk-pricing (~> 1)
      aws-sdk-quicksight (~> 1)
      aws-sdk-ram (~> 1)
      aws-sdk-rds (~> 1)
      aws-sdk-rdsdataservice (~> 1)
      aws-sdk-redshift (~> 1)
      aws-sdk-rekognition (~> 1)
      aws-sdk-resourcegroups (~> 1)
      aws-sdk-resourcegroupstaggingapi (~> 1)
      aws-sdk-robomaker (~> 1)
      aws-sdk-route53 (~> 1)
      aws-sdk-route53domains (~> 1)
      aws-sdk-route53resolver (~> 1)
      aws-sdk-s3 (~> 1)
      aws-sdk-s3control (~> 1)
      aws-sdk-sagemaker (~> 1)
      aws-sdk-sagemakerruntime (~> 1)
      aws-sdk-secretsmanager (~> 1)
      aws-sdk-securityhub (~> 1)
      aws-sdk-serverlessapplicationrepository (~> 1)
      aws-sdk-servicecatalog (~> 1)
      aws-sdk-servicediscovery (~> 1)
      aws-sdk-ses (~> 1)
      aws-sdk-shield (~> 1)
      aws-sdk-signer (~> 1)
      aws-sdk-simpledb (~> 1)
      aws-sdk-sms (~> 1)
      aws-sdk-snowball (~> 1)
      aws-sdk-sns (~> 1)
      aws-sdk-sqs (~> 1)
      aws-sdk-ssm (~> 1)
      aws-sdk-states (~> 1)
      aws-sdk-storagegateway (~> 1)
      aws-sdk-support (~> 1)
      aws-sdk-swf (~> 1)
      aws-sdk-textract (~> 1)
      aws-sdk-transcribeservice (~> 1)
      aws-sdk-transfer (~> 1)
      aws-sdk-translate (~> 1)
      aws-sdk-waf (~> 1)
      aws-sdk-wafregional (~> 1)
      aws-sdk-workdocs (~> 1)
      aws-sdk-worklink (~> 1)
      aws-sdk-workmail (~> 1)
      aws-sdk-workspaces (~> 1)
      aws-sdk-xray (~> 1)
    aws-sdk-robomaker (1.3.0)
      aws-sdk-core (~> 3, >= 3.48.0)
      aws-sigv4 (~> 1.1)
    aws-sdk-route53 (1.19.0)
      aws-sdk-core (~> 3, >= 3.48.0)
      aws-sigv4 (~> 1.1)
    aws-sdk-route53domains (1.10.0)
      aws-sdk-core (~> 3, >= 3.48.0)
      aws-sigv4 (~> 1.1)
    aws-sdk-route53resolver (1.3.0)
      aws-sdk-core (~> 3, >= 3.48.0)
      aws-sigv4 (~> 1.1)
    aws-sdk-s3 (1.33.0)
      aws-sdk-core (~> 3, >= 3.48.0)
      aws-sdk-kms (~> 1)
      aws-sigv4 (~> 1.0)
    aws-sdk-s3control (1.3.0)
      aws-sdk-core (~> 3, >= 3.48.0)
      aws-sigv4 (~> 1.0)
    aws-sdk-sagemaker (1.31.0)
      aws-sdk-core (~> 3, >= 3.48.0)
      aws-sigv4 (~> 1.1)
    aws-sdk-sagemakerruntime (1.9.0)
      aws-sdk-core (~> 3, >= 3.48.0)
      aws-sigv4 (~> 1.1)
    aws-sdk-secretsmanager (1.23.0)
      aws-sdk-core (~> 3, >= 3.48.0)
      aws-sigv4 (~> 1.1)
    aws-sdk-securityhub (1.2.0)
      aws-sdk-core (~> 3, >= 3.48.0)
      aws-sigv4 (~> 1.1)
    aws-sdk-serverlessapplicationrepository (1.14.0)
      aws-sdk-core (~> 3, >= 3.48.0)
      aws-sigv4 (~> 1.1)
    aws-sdk-servicecatalog (1.18.0)
      aws-sdk-core (~> 3, >= 3.48.0)
      aws-sigv4 (~> 1.1)
    aws-sdk-servicediscovery (1.11.0)
      aws-sdk-core (~> 3, >= 3.48.0)
      aws-sigv4 (~> 1.1)
    aws-sdk-ses (1.16.0)
      aws-sdk-core (~> 3, >= 3.48.0)
      aws-sigv4 (~> 1.1)
    aws-sdk-shield (1.12.0)
      aws-sdk-core (~> 3, >= 3.48.0)
      aws-sigv4 (~> 1.1)
    aws-sdk-signer (1.7.0)
      aws-sdk-core (~> 3, >= 3.48.0)
      aws-sigv4 (~> 1.1)
    aws-sdk-simpledb (1.8.0)
      aws-sdk-core (~> 3, >= 3.48.0)
      aws-sigv2 (~> 1.0)
    aws-sdk-sms (1.9.0)
      aws-sdk-core (~> 3, >= 3.48.0)
      aws-sigv4 (~> 1.1)
    aws-sdk-snowball (1.13.0)
      aws-sdk-core (~> 3, >= 3.48.0)
      aws-sigv4 (~> 1.1)
    aws-sdk-sns (1.11.0)
      aws-sdk-core (~> 3, >= 3.48.0)
      aws-sigv4 (~> 1.1)
    aws-sdk-sqs (1.12.0)
      aws-sdk-core (~> 3, >= 3.48.0)
      aws-sigv4 (~> 1.1)
    aws-sdk-ssm (1.40.0)
      aws-sdk-core (~> 3, >= 3.48.0)
      aws-sigv4 (~> 1.1)
    aws-sdk-states (1.13.0)
      aws-sdk-core (~> 3, >= 3.48.0)
      aws-sigv4 (~> 1.1)
    aws-sdk-storagegateway (1.17.0)
      aws-sdk-core (~> 3, >= 3.48.0)
      aws-sigv4 (~> 1.1)
    aws-sdk-support (1.8.0)
      aws-sdk-core (~> 3, >= 3.48.0)
      aws-sigv4 (~> 1.1)
    aws-sdk-swf (1.8.0)
      aws-sdk-core (~> 3, >= 3.48.0)
      aws-sigv4 (~> 1.1)
    aws-sdk-textract (1.2.0)
      aws-sdk-core (~> 3, >= 3.48.0)
      aws-sigv4 (~> 1.1)
    aws-sdk-transcribeservice (1.15.0)
      aws-sdk-core (~> 3, >= 3.48.0)
      aws-sigv4 (~> 1.1)
    aws-sdk-transfer (1.3.0)
      aws-sdk-core (~> 3, >= 3.48.0)
      aws-sigv4 (~> 1.1)
    aws-sdk-translate (1.10.0)
      aws-sdk-core (~> 3, >= 3.48.0)
      aws-sigv4 (~> 1.1)
    aws-sdk-waf (1.15.0)
      aws-sdk-core (~> 3, >= 3.48.0)
      aws-sigv4 (~> 1.1)
    aws-sdk-wafregional (1.16.0)
      aws-sdk-core (~> 3, >= 3.48.0)
      aws-sigv4 (~> 1.1)
    aws-sdk-workdocs (1.11.0)
      aws-sdk-core (~> 3, >= 3.48.0)
      aws-sigv4 (~> 1.1)
    aws-sdk-worklink (1.2.0)
      aws-sdk-core (~> 3, >= 3.48.0)
      aws-sigv4 (~> 1.1)
    aws-sdk-workmail (1.9.0)
      aws-sdk-core (~> 3, >= 3.48.0)
      aws-sigv4 (~> 1.1)
    aws-sdk-workspaces (1.14.0)
      aws-sdk-core (~> 3, >= 3.48.0)
      aws-sigv4 (~> 1.1)
    aws-sdk-xray (1.12.0)
      aws-sdk-core (~> 3, >= 3.48.0)
      aws-sigv4 (~> 1.1)
    aws-sigv2 (1.0.1)
    aws-sigv4 (1.1.0)
      aws-eventstream (~> 1.0, >= 1.0.2)
    bcrypt (3.1.12)
    binding_of_caller (0.8.0)
      debug_inspector (>= 0.0.1)
    bootstrap-datepicker-rails (1.8.0.1)
      railties (>= 3.0)
    builder (3.2.3)
    byebug (11.0.1)
    coffee-rails (4.2.2)
      coffee-script (>= 2.2.0)
      railties (>= 4.0.0)
    coffee-script (2.4.1)
      coffee-script-source
      execjs
    coffee-script-source (1.12.2)
    commonjs (0.2.7)
    concurrent-ruby (1.1.5)
    connection_pool (2.2.2)
    crass (1.0.4)
    debug_inspector (0.0.3)
    devise (4.6.1)
      bcrypt (~> 3.0)
      orm_adapter (~> 0.1)
      railties (>= 4.1.0, < 6.0)
      responders
      warden (~> 1.2.3)
    devise-bootstrap-views (1.1.0)
    erubi (1.8.0)
    execjs (2.7.0)
    faraday (0.15.4)
      multipart-post (>= 1.2, < 3)
    ffi (1.10.0)
    globalid (0.4.2)
      activesupport (>= 4.2.0)
    i18n (1.6.0)
      concurrent-ruby (~> 1.0)
    jbuilder (2.8.0)
      activesupport (>= 4.2.0)
      multi_json (>= 1.2)
    jmespath (1.4.0)
    jquery-rails (4.3.3)
      rails-dom-testing (>= 1, < 3)
      railties (>= 4.2.0)
      thor (>= 0.14, < 2.0)
    json (1.8.6)
    less (2.6.0)
      commonjs (~> 0.2.7)
    less-rails (2.8.0)
      actionpack (>= 4.0)
      less (~> 2.6.0)
      sprockets (> 2, < 4)
      tilt
    loofah (2.2.3)
      crass (~> 1.0.2)
      nokogiri (>= 1.5.9)
    mail (2.7.1)
      mini_mime (>= 0.1.1)
    marcel (0.3.3)
      mimemagic (~> 0.3.2)
    method_source (0.9.2)
    milia (1.3.1)
      devise (~> 4.2)
      rails (~> 5.0)
    mimemagic (0.3.3)
    mini_mime (1.0.1)
    mini_portile2 (2.4.0)
    minitest (5.11.3)
    multi_json (1.13.1)
    multipart-post (2.0.0)
    net-http-persistent (3.0.0)
      connection_pool (~> 2.2)
    nio4r (2.3.1)
    nokogiri (1.10.1)
      mini_portile2 (~> 2.4.0)
    orm_adapter (0.5.0)
    pg (1.1.4)
    rack (2.0.6)
    rack-test (1.1.0)
      rack (>= 1.0, < 3)
    rails (5.2.2.1)
      actioncable (= 5.2.2.1)
      actionmailer (= 5.2.2.1)
      actionpack (= 5.2.2.1)
      actionview (= 5.2.2.1)
      activejob (= 5.2.2.1)
      activemodel (= 5.2.2.1)
      activerecord (= 5.2.2.1)
      activestorage (= 5.2.2.1)
      activesupport (= 5.2.2.1)
      bundler (>= 1.3.0)
      railties (= 5.2.2.1)
      sprockets-rails (>= 2.0.0)
    rails-dom-testing (2.0.3)
      activesupport (>= 4.2.0)
      nokogiri (>= 1.6)
    rails-html-sanitizer (1.0.4)
      loofah (~> 2.2, >= 2.2.2)
    rails_12factor (0.0.3)
      rails_serve_static_assets
      rails_stdout_logging
    rails_serve_static_assets (0.0.5)
    rails_stdout_logging (0.0.5)
    railties (5.2.2.1)
      actionpack (= 5.2.2.1)
      activesupport (= 5.2.2.1)
      method_source
      rake (>= 0.8.7)
      thor (>= 0.19.0, < 2.0)
    rake (12.3.2)
    rb-fsevent (0.10.3)
    rb-inotify (0.10.0)
      ffi (~> 1.0)
    rdoc (4.3.0)
    recaptcha (4.13.1)
      json
    responders (2.4.1)
      actionpack (>= 4.2.0, < 6.0)
      railties (>= 4.2.0, < 6.0)
    sass (3.7.3)
      sass-listen (~> 4.0.0)
    sass-listen (4.0.0)
      rb-fsevent (~> 0.9, >= 0.9.4)
      rb-inotify (~> 0.9, >= 0.9.7)
    sass-rails (5.0.7)
      railties (>= 4.0.0, < 6)
      sass (~> 3.1)
      sprockets (>= 2.8, < 4.0)
      sprockets-rails (>= 2.0, < 4.0)
      tilt (>= 1.1, < 3)
    sdoc (0.4.2)
      json (~> 1.7, >= 1.7.7)
      rdoc (~> 4.0)
    spring (2.0.2)
      activesupport (>= 4.2)
    sprockets (3.7.2)
      concurrent-ruby (~> 1.0)
      rack (> 1, < 3)
    sprockets-rails (3.2.1)
      actionpack (>= 4.0)
      activesupport (>= 4.0)
      sprockets (>= 3.0.0)
    stripe (4.10.0)
      faraday (~> 0.13)
      net-http-persistent (~> 3.0)
    thor (0.20.3)
    thread_safe (0.3.6)
    tilt (2.0.9)
    turbolinks (5.2.0)
      turbolinks-source (~> 5.2)
    turbolinks-source (5.2.0)
    twitter-bootstrap-rails (4.0.0)
      actionpack (~> 5.0, >= 5.0.1)
      execjs (~> 2.7)
      less-rails (~> 2.8, >= 2.8.0)
      railties (~> 5.0, >= 5.0.1)
    tzinfo (1.2.5)
      thread_safe (~> 0.1)
    uglifier (4.1.20)
      execjs (>= 0.3.0, < 3)
    warden (1.2.8)
      rack (>= 2.0.6)
    web-console (2.3.0)
      activemodel (>= 4.0)
      binding_of_caller (>= 0.7.2)
      railties (>= 4.0)
      sprockets-rails (>= 2.0, < 4.0)
    websocket-driver (0.7.0)
      websocket-extensions (>= 0.1.0)
    websocket-extensions (0.1.3)

PLATFORMS
  ruby

DEPENDENCIES
  activerecord-session_store!
  aws-sdk
  bootstrap-datepicker-rails
  byebug
  coffee-rails
  devise
  devise-bootstrap-views
  jbuilder (~> 2.0)
  jquery-rails
  milia (~> 1.3.1)
  pg
  rails (= 5.2.2.1)
  rails_12factor
  recaptcha
  sass-rails
  sdoc (~> 0.4.0)
  spring
  stripe
  turbolinks
  twitter-bootstrap-rails
  uglifier
  web-console (~> 2.0)

BUNDLED WITH
   1.12.5
